GEM
  remote: http://rubygems.org/
  specs:
    bson (4.3.0)
    dotenv (2.5.0)
    messagebird-rest (1.4.1)
    mongo (2.6.2)
      bson (>= 4.3.0, < 5.0.0)
    mustermann (1.0.3)
    rack (2.0.6)
    rack-protection (2.0.4)
      rack
    sinatra (2.0.4)
      mustermann (~> 1.0)
      rack (~> 2.0)
      rack-protection (= 2.0.4)
      tilt (~> 2.0)
    tilt (2.0.9)

PLATFORMS
  ruby

DEPENDENCIES
  dotenv (~> 2.5)
  messagebird-rest (~> 1.4)
  mongo (~> 2.6)
  sinatra (~> 2.0)

BUNDLED WITH
   1.16.6
